GEM
  remote: https://rubygems.org/
  specs:
    chronic (0.10.2)
    slack-notifier (1.5.1)
    whenever (0.9.7)
      chronic (>= 0.6.3)

PLATFORMS
  ruby

DEPENDENCIES
  slack-notifier
  whenever

BUNDLED WITH
   1.10.6
